PATH
  remote: .
  specs:
    camper_van (0.0.1)
      eventmachine (~> 0.12.10)
      firering (~> 1.1.0)

GEM
  remote: http://rubygems.org/
  specs:
    addressable (2.2.6)
    em-http-request (0.3.0)
      addressable (>= 2.0.0)
      escape_utils
      eventmachine (>= 0.12.9)
    escape_utils (0.2.3)
    eventmachine (0.12.10)
    firering (1.1.0)
      em-http-request (~> 0.3.0)
      eventmachine (~> 0.12.10)
      yajl-ruby (~> 0.7.6)
    minitest (2.2.2)
    minitest-rg (0.4)
      minitest
    yajl-ruby (0.7.9)

PLATFORMS
  ruby

DEPENDENCIES
  camper_van!
  minitest (~> 2.2.2)
  minitest-rg (~> 0.4)
