GIT
  remote: https://github.com/guard/guard-minitest.git
  revision: 97c57a591c63086a9c59c9ec46f608c5ba48633d
  specs:
    guard-minitest (0.4.0.rc3)
      guard (>= 0.2.2)

PATH
  remote: .
  specs:
    camper_van (0.0.1)
      eventmachine (~> 0.12.10)
      firering (~> 1.1.0)

GEM
  remote: http://rubygems.org/
  specs:
    addressable (2.2.6)
    em-http-request (0.3.0)
      addressable (>= 2.0.0)
      escape_utils
      eventmachine (>= 0.12.9)
    escape_utils (0.2.3)
    eventmachine (0.12.10)
    firering (1.1.0)
      em-http-request (~> 0.3.0)
      eventmachine (~> 0.12.10)
      yajl-ruby (~> 0.7.6)
    growl (1.0.3)
    guard (0.3.4)
      thor (~> 0.14.6)
    minitest (2.2.2)
    minitest-rg (0.4)
      minitest
    rb-fsevent (0.4.0)
    thor (0.14.6)
    yajl-ruby (0.7.9)

PLATFORMS
  ruby

DEPENDENCIES
  camper_van!
  growl
  guard
  guard-minitest!
  minitest (~> 2.2.2)
  minitest-rg (~> 0.4)
  rb-fsevent
